GEM
  specs:
    byebug (3.1.2)
      columnize (~> 0.8)
      debugger-linecache (~> 1.2)
    columnize (0.8.9)
    debugger-linecache (1.2.0)
    faker (1.4.3)
      i18n (~> 0.5)
    faraday (0.9.1)
      multipart-post (>= 1.2, < 3)
    i18n (0.6.11)
    json (1.8.1)
    multipart-post (2.0.0)
    rake (10.1.0)

PLATFORMS
  ruby

DEPENDENCIES
  byebug
  faker
  faraday
  json
  rake
